GEM
  remote: http://gemcutter.org/
  specs:
    haml (3.0.17)
    rack (1.2.1)
    rdiscount (1.6.5)
    sinatra (1.0)
      rack (>= 1.0)

PLATFORMS
  ruby

DEPENDENCIES
  haml
  rdiscount
  sinatra
